GEM
  remote: https://rubygems.org/
  specs:
    github-markup (1.2.1)
      posix-spawn (~> 0.3.8)
    jsmin (1.0.1)
    kgio (2.9.2)
    posix-spawn (0.3.8)
    rack (1.5.2)
    rack-protection (1.5.3)
      rack
    rack-test (0.6.2)
      rack (>= 1.0)
    raindrops (0.13.0)
    redcarpet (3.1.2)
    sass (3.3.8)
    shotgun (0.9)
      rack (>= 1.0)
    sinatra (1.4.5)
      rack (~> 1.4)
      rack-protection (~> 1.4)
      tilt (~> 1.3, >= 1.3.4)
    sinatra-assetpack (0.3.3)
      jsmin
      rack-test
      sinatra
      tilt (>= 1.3.0, < 2.0)
    tilt (1.4.1)
    unicorn (4.8.3)
      kgio (~> 2.6)
      rack
      raindrops (~> 0.7)

PLATFORMS
  ruby

DEPENDENCIES
  github-markup
  jsmin
  redcarpet
  sass
  shotgun
  sinatra
  sinatra-assetpack
  unicorn
